GEM
  remote: http://rubygems.org/
  specs:
    addressable (2.3.2)
    faraday (0.8.5)
      multipart-post (~> 1.1)
    koala (1.6.0)
      addressable (~> 2.2)
      faraday (~> 0.8)
      multi_json (~> 1.3)
    multi_json (1.5.0)
    multipart-post (1.1.5)
    rack (1.5.2)
    rack-protection (1.3.2)
      rack
    shotgun (0.9)
      rack (>= 1.0)
    sinatra (1.3.4)
      rack (~> 1.4)
      rack-protection (~> 1.3)
      tilt (~> 1.3, >= 1.3.3)
    tilt (1.3.3)

PLATFORMS
  ruby

DEPENDENCIES
  koala
  shotgun
  sinatra
